GEM
  remote: https://rubygems.org/
  specs:
    ast (2.4.3)
    base64 (0.3.0)
    daemons (1.4.1)
    eventmachine (1.2.7)
    json (2.13.2)
    mustermann (3.0.4)
      ruby2_keywords (~> 0.0.1)
    nio4r (2.7.4)
    parser (3.3.9.0)
      ast (~> 2.4.1)
      racc
    puma (6.6.1)
      nio4r (~> 2.0)
    racc (1.8.1)
    rack (2.2.17)
    rack-cors (2.0.2)
      rack (>= 2.0.0)
    rack-protection (3.2.0)
      base64 (>= 0.1.0)
      rack (~> 2.2, >= 2.2.4)
    rackup (1.0.1)
      rack (< 3)
      webrick
    ruby2_keywords (0.0.5)
    sinatra (3.2.0)
      mustermann (~> 3.0)
      rack (~> 2.2, >= 2.2.4)
      rack-protection (= 3.2.0)
      tilt (~> 2.0)
    thin (1.8.2)
      daemons (~> 1.0, >= 1.0.9)
      eventmachine (~> 1.0, >= 1.0.4)
      rack (>= 1, < 3)
    tilt (2.6.1)
    webrick (1.9.1)

PLATFORMS
  ruby

DEPENDENCIES
  json
  parser
  puma
  rack-cors
  rackup
  sinatra
  thin (~> 1.8.1)

BUNDLED WITH
   2.7.1
